NUGET
  remote: https://api.nuget.org/v3/index.json
    Microsoft.Bcl.Immutable (1.1.20-beta) - framework: >= net45
    Microsoft.Bcl.Metadata (1.0.9-alpha) - framework: >= net45
    Microsoft.CodeAnalysis (0.6.4033103-beta) - framework: >= net45
    Microsoft.CodeAnalysis.CodeActions (0.6.4033103-beta) - framework: >= net45
    Microsoft.CodeAnalysis.Common (0.6.4033103-beta) - framework: >= net45
    Microsoft.CodeAnalysis.CSharp (0.6.4033103-beta) - framework: >= net45
    Microsoft.CodeAnalysis.CSharp.Workspaces (0.6.4033103-beta) - framework: >= net45
    Microsoft.CodeAnalysis.VisualBasic (0.6.4033103-beta) - framework: >= net45
    Microsoft.CodeAnalysis.VisualBasic.Workspaces (0.6.4033103-beta) - framework: >= net45
    Microsoft.CodeAnalysis.Workspaces.Common (0.6.4033103-beta) - framework: >= net45